GEM
  remote: https://rubygems.org/
  specs:
    diff-lcs (1.2.5)
    polyglot (0.3.5)
    rake (10.4.2)
    rspec (3.4.0)
      rspec-core (~> 3.4.0)
      rspec-expectations (~> 3.4.0)
      rspec-mocks (~> 3.4.0)
    rspec-core (3.4.0)
      rspec-support (~> 3.4.0)
    rspec-expectations (3.4.0)
      diff-lcs (>= 1.2.0, < 2.0)
      rspec-support (~> 3.4.0)
    rspec-mocks (3.4.0)
      diff-lcs (>= 1.2.0, < 2.0)
      rspec-support (~> 3.4.0)
    rspec-support (3.4.0)
    treetop (1.6.3)
      polyglot (~> 0.3)

PLATFORMS
  ruby

DEPENDENCIES
  rake (~> 10.4)
  rspec (~> 3.4)
  treetop (~> 1.6)

BUNDLED WITH
   1.10.6
